GEM
  remote: https://rubygems.org/
  specs:
    enver (0.1.0)
    faraday (0.9.0)
      multipart-post (>= 1.2, < 3)
    faraday_middleware (0.9.1)
      faraday (>= 0.7.4, < 0.10)
    json (2.3.1)
    mime-types (2.3)
    multipart-post (2.0.0)
    newrelic_rpm (3.9.5.251)
    oauth (0.4.7)
    puma (2.9.1)
      rack (>= 1.1, < 2.0)
    rack (1.5.2)
    rack-protection (1.5.3)
      rack
    simple_oauth (0.2.0)
    sinatra (1.4.5)
      rack (~> 1.4)
      rack-protection (~> 1.4)
      tilt (~> 1.3, >= 1.3.4)
    tilt (1.4.1)
    tumblr_client (0.8.4)
      faraday (~> 0.9.0)
      faraday_middleware (~> 0.9.0)
      json
      mime-types
      oauth
      simple_oauth

PLATFORMS
  ruby

DEPENDENCIES
  enver
  faraday
  faraday_middleware
  mime-types
  newrelic_rpm
  puma
  sinatra
  tumblr_client
